GEM
  remote: https://rubygems.org/
  specs:
    uri-ssh_git (0.1.1)

PLATFORMS
  ruby

DEPENDENCIES
  uri-ssh_git

BUNDLED WITH
   1.10.6
